PATH
  remote: .
  specs:
    rails_spa (0.0.1)
      angularjs-rails

GEM
  remote: https://rubygems.org/
  specs:
    angularjs-rails (1.4.4)

PLATFORMS
  ruby

DEPENDENCIES
  angularjs-rails
  rails_spa!

BUNDLED WITH
   1.10.5
